GEM
  specs:
    rack (2.0.6)
    shotgun (0.9.2)
      rack (>= 1.0)

PLATFORMS
  ruby

DEPENDENCIES
  shotgun

BUNDLED WITH
   2.0.1
